GIT
  remote: git://github.com/sinatra/sinatra.git
  revision: 08373e8890a85459c0326ebd98b1292fcc79ec80
  specs:
    sinatra (1.4.0)
      rack (~> 1.4)
      rack-protection (~> 1.3)
      tilt (~> 1.3, >= 1.3.3)

GEM
  remote: http://rubygems.org/
  specs:
    activemodel (3.2.10)
      activesupport (= 3.2.10)
      builder (~> 3.0.0)
    activeresource (3.2.10)
      activemodel (= 3.2.10)
      activesupport (= 3.2.10)
    activesupport (3.2.10)
      i18n (~> 0.6)
      multi_json (~> 1.0)
    bourbon (3.0.1)
      sass (>= 3.2.0)
      thor
    builder (3.0.4)
    haml (3.1.7)
    i18n (0.6.1)
    multi_json (1.5.0)
    neat (1.0.2)
      bourbon (>= 2.1)
      sass (>= 3.2)
    rack (1.4.1)
    rack-protection (1.3.2)
      rack
    sass (3.2.4)
    thor (0.16.0)
    tilt (1.3.3)

PLATFORMS
  ruby

DEPENDENCIES
  activeresource
  haml
  neat
  sass
  sinatra!
